GEM
  remote: https://rubygems.org/
  specs:
    addressable (2.3.8)
    byebug (9.0.6)
    json (1.8.6)
    mime-types (1.25.1)
    mini_portile2 (2.1.0)
    nokogiri (1.7.0.1)
      mini_portile2 (~> 2.1.0)
    rest-client (1.6.9)
      mime-types (~> 1.16)
    unirest (1.1.2)
      addressable (~> 2.3.5)
      json (~> 1.8.1)
      rest-client (~> 1.6.7)

PLATFORMS
  ruby

DEPENDENCIES
  byebug
  nokogiri
  unirest

BUNDLED WITH
   1.13.6
